GEM
  remote: http://rubygems.org/
  specs:
    actionpack (2.3.11)
      activesupport (= 2.3.11)
      rack (~> 1.1.0)
    activesupport (2.3.11)
    rack (1.1.0)
    rack-cache (0.5.3)
      rack (>= 0.4)
    rake (0.9.2)
    redis (2.2.1)
    rspec (1.3.0)

PLATFORMS
  ruby

DEPENDENCIES
  actionpack (= 2.3.11)
  activesupport (= 2.3.11)
  rack (~> 1.1.0)
  rack-cache
  rake
  redis (~> 2.2.1)
  rspec (= 1.3.0)
